PATH
  remote: .
  specs:
    captive-admin (0.2.12)
      activeadmin (>= 2.0.0, < 4.0)
      captive-theme (= 0.2.12)
      kaminari-i18n (>= 0.5.0)
      rails (>= 7.0.0)
    captive-api (0.2.12)
      cancancan (>= 3.5.0)
      oj (>= 3.15.0)
      rails (>= 7.0.0)
    captive-authentication (0.2.12)
      devise (~> 4.9.2)
      devise-i18n (~> 1.11.0)
      email_validator (~> 2.2.4)
      httparty (~> 0.21.0)
      omniauth (~> 2.1.1)
      rails (>= 7.0.0)
    captive-sdk (0.2.12)
      captive-admin (= 0.2.12)
      captive-api (= 0.2.12)
      captive-authentication (= 0.2.12)
      captive-theme (= 0.2.12)
    captive-theme (0.2.12)

GEM
  remote: https://rubygems.org/
  specs:
    actioncable (7.1.5.2)
      actionpack (= 7.1.5.2)
      activesupport (= 7.1.5.2)
      nio4r (~> 2.0)
      websocket-driver (>= 0.6.1)
      zeitwerk (~> 2.6)
    actionmailbox (7.1.5.2)
      actionpack (= 7.1.5.2)
      activejob (= 7.1.5.2)
      activerecord (= 7.1.5.2)
      activestorage (= 7.1.5.2)
      activesupport (= 7.1.5.2)
      mail (>= 2.7.1)
      net-imap
      net-pop
      net-smtp
    actionmailer (7.1.5.2)
      actionpack (= 7.1.5.2)
      actionview (= 7.1.5.2)
      activejob (= 7.1.5.2)
      activesupport (= 7.1.5.2)
      mail (~> 2.5, >= 2.5.4)
      net-imap
      net-pop
      net-smtp
      rails-dom-testing (~> 2.2)
    actionpack (7.1.5.2)
      actionview (= 7.1.5.2)
      activesupport (= 7.1.5.2)
      nokogiri (>= 1.8.5)
      racc
      rack (>= 2.2.4)
      rack-session (>= 1.0.1)
      rack-test (>= 0.6.3)
      rails-dom-testing (~> 2.2)
      rails-html-sanitizer (~> 1.6)
    actiontext (7.1.5.2)
      actionpack (= 7.1.5.2)
      activerecord (= 7.1.5.2)
      activestorage (= 7.1.5.2)
      activesupport (= 7.1.5.2)
      globalid (>= 0.6.0)
      nokogiri (>= 1.8.5)
    actionview (7.1.5.2)
      activesupport (= 7.1.5.2)
      builder (~> 3.1)
      erubi (~> 1.11)
      rails-dom-testing (~> 2.2)
      rails-html-sanitizer (~> 1.6)
    activeadmin (3.3.0)
      arbre (~> 1.2, >= 1.2.1)
      csv
      formtastic (>= 3.1)
      formtastic_i18n (>= 0.4)
      inherited_resources (~> 1.7)
      jquery-rails (>= 4.2)
      kaminari (>= 1.2.1)
      railties (>= 6.1)
      ransack (>= 4.0)
    activejob (7.1.5.2)
      activesupport (= 7.1.5.2)
      globalid (>= 0.3.6)
    activemodel (7.1.5.2)
      activesupport (= 7.1.5.2)
    activerecord (7.1.5.2)
      activemodel (= 7.1.5.2)
      activesupport (= 7.1.5.2)
      timeout (>= 0.4.0)
    activestorage (7.1.5.2)
      actionpack (= 7.1.5.2)
      activejob (= 7.1.5.2)
      activerecord (= 7.1.5.2)
      activesupport (= 7.1.5.2)
      marcel (~> 1.0)
    activesupport (7.1.5.2)
      base64
      benchmark (>= 0.3)
      bigdecimal
      concurrent-ruby (~> 1.0, >= 1.0.2)
      connection_pool (>= 2.2.5)
      drb
      i18n (>= 1.6, < 2)
      logger (>= 1.4.2)
      minitest (>= 5.1)
      mutex_m
      securerandom (>= 0.3)
      tzinfo (~> 2.0)
    addressable (2.8.7)
      public_suffix (>= 2.0.2, < 7.0)
    arbre (1.7.0)
      activesupport (>= 3.0.0)
      ruby2_keywords (>= 0.0.2)
    ast (2.4.3)
    base64 (0.3.0)
    bcrypt (3.1.20)
    benchmark (0.4.1)
    bigdecimal (3.3.1)
    builder (3.3.0)
    cancancan (3.6.1)
    choice (0.2.0)
    concurrent-ruby (1.3.5)
    connection_pool (2.5.4)
    crack (1.0.0)
      bigdecimal
      rexml
    crass (1.0.6)
    csv (3.3.5)
    date (3.4.1)
    devise (4.9.4)
      bcrypt (~> 3.0)
      orm_adapter (~> 0.1)
      railties (>= 4.1.0)
      responders
      warden (~> 1.2.3)
    devise-i18n (1.11.1)
      devise (>= 4.9.0)
    diff-lcs (1.6.2)
    drb (2.2.3)
    email_validator (2.2.4)
      activemodel
    erb (5.0.3)
    erubi (1.13.1)
    factory_bot (6.5.5)
      activesupport (>= 6.1.0)
    factory_bot_rails (6.5.1)
      factory_bot (~> 6.5)
      railties (>= 6.1.0)
    formtastic (5.0.0)
      actionpack (>= 6.0.0)
    formtastic_i18n (0.7.0)
    globalid (1.3.0)
      activesupport (>= 6.1)
    has_scope (0.9.0)
      actionpack (>= 7.0)
      activesupport (>= 7.0)
    hashdiff (1.2.1)
    hashie (5.0.0)
    httparty (0.21.0)
      mini_mime (>= 1.0.0)
      multi_xml (>= 0.5.2)
    i18n (1.14.7)
      concurrent-ruby (~> 1.0)
    inherited_resources (1.14.0)
      actionpack (>= 6.0)
      has_scope (>= 0.6)
      railties (>= 6.0)
      responders (>= 2)
    io-console (0.8.1)
    irb (1.15.2)
      pp (>= 0.6.0)
      rdoc (>= 4.0.0)
      reline (>= 0.4.2)
    jquery-rails (4.6.0)
      rails-dom-testing (>= 1, < 3)
      railties (>= 4.2.0)
      thor (>= 0.14, < 2.0)
    json (2.15.1)
    jwt (2.10.2)
      base64
    kaminari (1.2.2)
      activesupport (>= 4.1.0)
      kaminari-actionview (= 1.2.2)
      kaminari-activerecord (= 1.2.2)
      kaminari-core (= 1.2.2)
    kaminari-actionview (1.2.2)
      actionview
      kaminari-core (= 1.2.2)
    kaminari-activerecord (1.2.2)
      activerecord
      kaminari-core (= 1.2.2)
    kaminari-core (1.2.2)
    kaminari-i18n (0.5.0)
      kaminari
      rails
    language_server-protocol (3.17.0.5)
    logger (1.7.0)
    loofah (2.24.1)
      crass (~> 1.0.2)
      nokogiri (>= 1.12.0)
    mail (2.8.1)
      mini_mime (>= 0.1.1)
      net-imap
      net-pop
      net-smtp
    marcel (1.1.0)
    mini_mime (1.1.5)
    minitest (5.26.0)
    multi_xml (0.7.2)
      bigdecimal (~> 3.1)
    mutex_m (0.3.0)
    net-imap (0.5.12)
      date
      net-protocol
    net-pop (0.1.2)
      net-protocol
    net-protocol (0.2.2)
      timeout
    net-smtp (0.5.1)
      net-protocol
    nio4r (2.7.4)
    nokogiri (1.18.10-arm64-darwin)
      racc (~> 1.4)
    nokogiri (1.18.10-x86_64-linux-gnu)
      racc (~> 1.4)
    oj (3.16.11)
      bigdecimal (>= 3.0)
      ostruct (>= 0.2)
    omniauth (2.1.4)
      hashie (>= 3.4.6)
      logger
      rack (>= 2.2.3)
      rack-protection
    orm_adapter (0.5.0)
    ostruct (0.6.3)
    parallel (1.27.0)
    parser (3.3.9.0)
      ast (~> 2.4.1)
      racc
    pg (1.6.2-arm64-darwin)
    pg (1.6.2-x86_64-linux)
    pp (0.6.3)
      prettyprint
    prettyprint (0.2.0)
    prism (1.5.2)
    psych (5.2.6)
      date
      stringio
    public_suffix (6.0.2)
    puma (6.6.1)
      nio4r (~> 2.0)
    racc (1.8.1)
    rack (3.2.3)
    rack-protection (4.2.1)
      base64 (>= 0.1.0)
      logger (>= 1.6.0)
      rack (>= 3.0.0, < 4)
    rack-session (2.1.1)
      base64 (>= 0.1.0)
      rack (>= 3.0.0)
    rack-test (2.2.0)
      rack (>= 1.3)
    rackup (2.2.1)
      rack (>= 3)
    rails (7.1.5.2)
      actioncable (= 7.1.5.2)
      actionmailbox (= 7.1.5.2)
      actionmailer (= 7.1.5.2)
      actionpack (= 7.1.5.2)
      actiontext (= 7.1.5.2)
      actionview (= 7.1.5.2)
      activejob (= 7.1.5.2)
      activemodel (= 7.1.5.2)
      activerecord (= 7.1.5.2)
      activestorage (= 7.1.5.2)
      activesupport (= 7.1.5.2)
      bundler (>= 1.15.0)
      railties (= 7.1.5.2)
    rails-dom-testing (2.3.0)
      activesupport (>= 5.0.0)
      minitest
      nokogiri (>= 1.6)
    rails-erd (1.7.2)
      activerecord (>= 4.2)
      activesupport (>= 4.2)
      choice (~> 0.2.0)
      ruby-graphviz (~> 1.2)
    rails-html-sanitizer (1.6.2)
      loofah (~> 2.21)
      nokogiri (>= 1.15.7, != 1.16.7, != 1.16.6, != 1.16.5, != 1.16.4, != 1.16.3, != 1.16.2, != 1.16.1, != 1.16.0.rc1, != 1.16.0)
    railties (7.1.5.2)
      actionpack (= 7.1.5.2)
      activesupport (= 7.1.5.2)
      irb
      rackup (>= 1.0.0)
      rake (>= 12.2)
      thor (~> 1.0, >= 1.2.2)
      zeitwerk (~> 2.6)
    rainbow (3.1.1)
    rake (13.3.0)
    ransack (4.4.0)
      activerecord (>= 7.1)
      activesupport (>= 7.1)
      i18n
    rdoc (6.15.0)
      erb
      psych (>= 4.0.0)
      tsort
    regexp_parser (2.11.3)
    reline (0.6.2)
      io-console (~> 0.5)
    responders (3.2.0)
      actionpack (>= 7.0)
      railties (>= 7.0)
    rexml (3.4.4)
    rspec (3.13.1)
      rspec-core (~> 3.13.0)
      rspec-expectations (~> 3.13.0)
      rspec-mocks (~> 3.13.0)
    rspec-core (3.13.5)
      rspec-support (~> 3.13.0)
    rspec-expectations (3.13.5)
      diff-lcs (>= 1.2.0, < 2.0)
      rspec-support (~> 3.13.0)
    rspec-mocks (3.13.5)
      diff-lcs (>= 1.2.0, < 2.0)
      rspec-support (~> 3.13.0)
    rspec-rails (6.1.5)
      actionpack (>= 6.1)
      activesupport (>= 6.1)
      railties (>= 6.1)
      rspec-core (~> 3.13)
      rspec-expectations (~> 3.13)
      rspec-mocks (~> 3.13)
      rspec-support (~> 3.13)
    rspec-support (3.13.6)
    rubocop (1.69.2)
      json (~> 2.3)
      language_server-protocol (>= 3.17.0)
      parallel (~> 1.10)
      parser (>= 3.3.0.2)
      rainbow (>= 2.2.2, < 4.0)
      regexp_parser (>= 2.9.3, < 3.0)
      rubocop-ast (>= 1.36.2, < 2.0)
      ruby-progressbar (~> 1.7)
      unicode-display_width (>= 2.4.0, < 4.0)
    rubocop-ast (1.47.1)
      parser (>= 3.3.7.2)
      prism (~> 1.4)
    rubocop-capybara (2.21.0)
      rubocop (~> 1.41)
    rubocop-config-captive (1.16.2)
      rubocop (~> 1.69.2)
      rubocop-capybara (~> 2.21.0)
      rubocop-factory_bot (~> 2.26.1)
      rubocop-magic_numbers (~> 0.5.0)
      rubocop-performance (~> 1.23.0)
      rubocop-rails (~> 2.27.0)
      rubocop-rake (~> 0.6.0)
      rubocop-rspec (~> 3.3.0)
    rubocop-factory_bot (2.26.1)
      rubocop (~> 1.61)
    rubocop-magic_numbers (0.5.0)
      parser
      rubocop
    rubocop-performance (1.23.1)
      rubocop (>= 1.48.1, < 2.0)
      rubocop-ast (>= 1.31.1, < 2.0)
    rubocop-rails (2.27.0)
      activesupport (>= 4.2.0)
      rack (>= 1.1)
      rubocop (>= 1.52.0, < 2.0)
      rubocop-ast (>= 1.31.1, < 2.0)
    rubocop-rake (0.6.0)
      rubocop (~> 1.0)
    rubocop-rspec (3.3.0)
      rubocop (~> 1.61)
    ruby-graphviz (1.2.5)
      rexml
    ruby-progressbar (1.13.0)
    ruby2_keywords (0.0.5)
    securerandom (0.4.1)
    shoulda-matchers (6.5.0)
      activesupport (>= 5.2.0)
    sprockets (4.2.2)
      concurrent-ruby (~> 1.0)
      logger
      rack (>= 2.2.4, < 4)
    sprockets-rails (3.5.2)
      actionpack (>= 6.1)
      activesupport (>= 6.1)
      sprockets (>= 3.0.0)
    sqlite3 (1.7.3-arm64-darwin)
    sqlite3 (1.7.3-x86_64-linux)
    stringio (3.1.7)
    thor (1.4.0)
    timeout (0.4.3)
    tsort (0.2.0)
    tzinfo (2.0.6)
      concurrent-ruby (~> 1.0)
    unicode-display_width (3.2.0)
      unicode-emoji (~> 4.1)
    unicode-emoji (4.1.0)
    warden (1.2.9)
      rack (>= 2.0.9)
    webmock (3.25.1)
      addressable (>= 2.8.0)
      crack (>= 0.3.2)
      hashdiff (>= 0.4.0, < 2.0.0)
    websocket-driver (0.8.0)
      base64
      websocket-extensions (>= 0.1.0)
    websocket-extensions (0.1.5)
    yard (0.9.37)
    zeitwerk (2.7.3)

PLATFORMS
  arm64-darwin-22
  arm64-darwin-23
  x86_64-linux

DEPENDENCIES
  captive-sdk!
  factory_bot_rails (~> 6.5.0)
  jwt (~> 2.10.0)
  pg (~> 1.6.0)
  puma (~> 6.6.0)
  rails (~> 7.1.0)
  rails-erd (~> 1.7.2)
  rspec (~> 3.13.0)
  rspec-mocks (~> 3.13.0)
  rspec-rails (~> 6.1.0)
  rubocop-config-captive (~> 1.16.0)
  shoulda-matchers (~> 6.5.0)
  sprockets-rails (~> 3.5.0)
  sqlite3 (~> 1.7.0)
  webmock (~> 3.25.0)
  yard (~> 0.9.34)

BUNDLED WITH
   2.4.21
